GEM
  remote: https://rubygems.org/
  specs:
    byebug (11.1.3)
    json (1.8.6)
    minitest (5.14.1)
    rake (12.3.3)
    sass (3.2.7)

PLATFORMS
  ruby

DEPENDENCIES
  byebug
  json (~> 1.8.1)
  minitest (~> 5.14.0)
  rake (= 12.3.3)
  sass (= 3.2.7)

BUNDLED WITH
   1.17.3
