GEM
  specs:
    json (1.8.1)
    rake (10.1.1)
    sass (3.2.7)

PLATFORMS
  ruby

DEPENDENCIES
  json (= 1.8.1)
  rake (= 10.1.1)
  sass (= 3.2.7)
