GEM
  remote: https://rubygems.org/
  specs:
    byebug (11.1.3)
    json (2.3.0)
    minitest (5.14.1)
    minitest-bang (1.0.4)
      minitest (>= 4.7.5)
    rake (12.3.3)
    sass (3.2.7)

PLATFORMS
  ruby

DEPENDENCIES
  byebug (~> 11.1.0)
  json (~> 2.3.0)
  minitest (~> 5.14.0)
  minitest-bang (~> 1.0.4)
  rake (= 12.3.3)
  sass (= 3.2.7)

BUNDLED WITH
   1.17.3
